GEM
  remote: https://rubygems.org/
  specs:
    diff-lcs (1.2.4)
    hashie (2.0.5)
    json (1.8.0)
    mime-types (1.23)
    multi_json (1.7.4)
    rest-client (1.6.7)
      mime-types (>= 1.16)
    rspec (2.13.0)
      rspec-core (~> 2.13.0)
      rspec-expectations (~> 2.13.0)
      rspec-mocks (~> 2.13.0)
    rspec-core (2.13.1)
    rspec-expectations (2.13.0)
      diff-lcs (>= 1.1.3, < 2.0)
    rspec-mocks (2.13.1)
    rspec-pride (2.2.0)
      rspec (~> 2.10)
    simplecov (0.7.1)
      multi_json (~> 1.0)
      simplecov-html (~> 0.7.1)
    simplecov-html (0.7.1)
    vcr (2.4.0)

PLATFORMS
  ruby

DEPENDENCIES
  hashie
  json
  rest-client
  rspec
  rspec-pride
  simplecov
  vcr
